GIT
  remote: git://github.com/roman/rots.git
  revision: babb5559aae8914556da528147b6649b9c48f48c
  specs:
    rots (0.2.1)

PATH
  remote: .
  specs:
    rack-openid (1.4.0)
      rack (>= 1.1.0)
      ruby-openid (>= 2.1.8)

GEM
  remote: https://rubygems.org/
  specs:
    bump (0.4.3)
    rack (1.5.2)
    rake (10.1.0)
    ruby-openid (2.3.0)

PLATFORMS
  ruby

DEPENDENCIES
  bump
  rack-openid!
  rake
  rots!
